GEM
  remote: http://rubygems.org/
  specs:
    rack (1.5.2)
    rack-protection (1.5.0)
      rack
    rb-fsevent (0.9.3)
    sass (3.2.7)
    sinatra (1.4.2)
      rack (~> 1.5, >= 1.5.2)
      rack-protection (~> 1.4)
      tilt (~> 1.3, >= 1.3.4)
    tilt (1.3.6)

PLATFORMS
  ruby

DEPENDENCIES
  rb-fsevent (~> 0.9.1)
  sass
  sinatra
